GEM
  remote: https://rubygems.org/
  specs:
    activemodel (5.1.3)
      activesupport (= 5.1.3)
    activesupport (5.1.3)
      concurrent-ruby (~> 1.0, >= 1.0.2)
      i18n (~> 0.7)
      minitest (~> 5.1)
      tzinfo (~> 1.1)
    bson (4.2.2)
    concurrent-ruby (1.0.5)
    concurrent-ruby (1.0.5-java)
    hike (1.2.3)
    i18n (0.8.6)
    minitest (5.10.3)
    mongo (2.4.3)
      bson (>= 4.2.1, < 5.0.0)
    mongoid (6.2.1)
      activemodel (~> 5.1)
      mongo (>= 2.4.1, < 3.0.0)
    mustermann (1.0.0)
    opal (0.10.5)
      hike (~> 1.2)
      sourcemap (~> 0.1.0)
      sprockets (~> 3.1)
      tilt (>= 1.4)
    opal-jquery (0.4.2)
      opal (>= 0.7.0, < 0.11.0)
    rack (2.0.3)
    rack-protection (2.0.0)
      rack
    recursive-open-struct (1.0.5)
    require_all (1.4.0)
    ruby_http_client (3.1.0)
    sendgrid-ruby (5.0.0)
      ruby_http_client (~> 3.0)
      sinatra (>= 1.4.7, < 3)
    sinatra (2.0.0)
      mustermann (~> 1.0)
      rack (~> 2.0)
      rack-protection (= 2.0.0)
      tilt (~> 2.0)
    sourcemap (0.1.1)
    sprockets (3.7.1)
      concurrent-ruby (~> 1.0)
      rack (> 1, < 3)
    thread_safe (0.3.6)
    tilt (2.0.8)
    tzinfo (1.2.3)
      thread_safe (~> 0.1)

PLATFORMS
  java
  ruby

DEPENDENCIES
  mongoid
  opal
  opal-jquery
  recursive-open-struct
  require_all
  sendgrid-ruby
  sinatra

BUNDLED WITH
   1.15.3
