GEM
  remote: https://rubygems.org/
  specs:
    addressable (2.5.2)
      public_suffix (>= 2.0.2, < 4.0)
    ast (2.3.0)
    backports (3.11.0)
    domain_name (0.5.20170404)
      unf (>= 0.0.5, < 1.0.0)
    hike (1.2.3)
    http (3.0.0)
      addressable (~> 2.3)
      http-cookie (~> 1.0)
      http-form_data (>= 2.0.0.pre.pre2, < 3)
      http_parser.rb (~> 0.6.0)
    http-cookie (1.0.3)
      domain_name (~> 0.5)
    http-form_data (2.0.0)
    http_parser.rb (0.6.0)
    multi_json (1.13.1)
    mustermann (1.0.1)
    opal (0.11.0)
      ast (>= 2.3.0)
      hike (~> 1.2)
      parser (= 2.3.3.1)
      sourcemap (~> 0.1.0)
    opal-jquery (0.2.0)
      opal (>= 0.5.0, < 1.0.0)
    parser (2.3.3.1)
      ast (~> 2.2)
    public_suffix (3.0.1)
    rack (2.0.3)
    rack-protection (2.0.0)
      rack
    recursive-open-struct (1.0.5)
    ruby_http_client (3.3.0)
    sendgrid-ruby (5.2.0)
      ruby_http_client (~> 3.2)
      sinatra (>= 1.4.7, < 3)
    sinatra (2.0.0)
      mustermann (~> 1.0)
      rack (~> 2.0)
      rack-protection (= 2.0.0)
      tilt (~> 2.0)
    sinatra-contrib (2.0.0)
      backports (>= 2.0)
      multi_json
      mustermann (~> 1.0)
      rack-protection (= 2.0.0)
      sinatra (= 2.0.0)
      tilt (>= 1.3, < 3)
    sourcemap (0.1.1)
    tilt (2.0.8)
    unf (0.1.4)
      unf_ext
    unf_ext (0.0.7.4)

PLATFORMS
  ruby

DEPENDENCIES
  http
  opal
  opal-jquery
  recursive-open-struct
  sendgrid-ruby
  sinatra
  sinatra-contrib (~> 2.0)

BUNDLED WITH
   1.16.1
